GEM
  remote: https://rubygems.org/
  specs:
    httparty (0.17.1)
      mime-types (~> 3.0)
      multi_xml (>= 0.5.2)
    mime-types (3.3)
      mime-types-data (~> 3.2015)
    mime-types-data (3.2019.1009)
    multi_xml (0.6.0)
    mustermann (1.0.3)
    rack (2.0.7)
    rack-protection (2.0.7)
      rack
    sinatra (2.0.7)
      mustermann (~> 1.0)
      rack (~> 2.0)
      rack-protection (= 2.0.7)
      tilt (~> 2.0)
    tilt (2.0.10)
    wine_dot_com_api_request (0.1.0)

PLATFORMS
  x86-mingw32

DEPENDENCIES
  httparty (~> 0.17.1)!
  sinatra (~> 2.0, >= 2.0.7)!
  wine_dot_com_api_request (~> 0.1.0)!

BUNDLED WITH
   2.0.2
